GEM
  remote: https://rubygems.org/
  specs:
    i18n (0.8.1)
    mini_portile2 (2.1.0)
    nokogiri (1.7.0.1)
      mini_portile2 (~> 2.1.0)
    nokogiri (1.7.0.1-x64-mingw32)
      mini_portile2 (~> 2.1.0)

PLATFORMS
  ruby
  x64-mingw32

DEPENDENCIES
  i18n
  nokogiri

BUNDLED WITH
   1.14.6
